GEM
  remote: http://rubygems.org/
  specs:
    addressable (2.3.2)
    childprocess (0.3.5)
      ffi (~> 1.0, >= 1.0.6)
    ffi (1.1.5)
    libwebsocket (0.1.5)
      addressable
    multi_json (1.3.6)
    rake (0.9.2.2)
    require_all (1.2.1)
    rubyzip (0.9.9)
    selenium-webdriver (2.24.0)
      childprocess (>= 0.2.5)
      libwebsocket (~> 0.1.3)
      multi_json (~> 1.0)
      rubyzip
    single_test (0.5.1)
      rake (> 0.9)

PLATFORMS
  ruby

DEPENDENCIES
  require_all (~> 1.2.1)
  selenium-webdriver (~> 2.24.0)
  single_test (~> 0.5.1)
